GEM
  remote: https://rubygems.org/
  specs:
    chronic (0.10.2)
    lemmatizer (0.1.1)
    loggability (0.11.0)
    mini_portile (0.6.0)
    nokogiri (1.6.3.1)
      mini_portile (= 0.6.0)
    rack (1.5.2)
    rack-protection (1.5.3)
      rack
    sequel (3.48.0)
    sinatra (1.4.5)
      rack (~> 1.4)
      rack-protection (~> 1.4)
      tilt (~> 1.3, >= 1.3.4)
    tilt (1.4.1)
    whenever (0.9.3)
      chronic (>= 0.6.3)
    wordnet (1.0.0)
      loggability (~> 0.5)
      sequel (~> 3.38)

PLATFORMS
  ruby

DEPENDENCIES
  lemmatizer
  nokogiri
  sinatra
  whenever
  wordnet
